PATH
  remote: .
  specs:
    gmaps4rails (1.5.8)

GEM
  remote: http://rubygems.org/
  specs:
    rake (12.0.0)

PLATFORMS
  ruby

DEPENDENCIES
  gmaps4rails!
  rake

BUNDLED WITH
   1.13.6
